GEM
  remote: https://rubygems.org/
  specs:
    addressable (2.3.6)
    bourbon (4.0.2)
      sass (~> 3.3)
      thor
    celluloid (0.15.2)
      timers (~> 1.1.0)
    coderay (1.1.0)
    execjs (2.2.0)
    exifr (1.1.3)
    ffi (1.9.3)
    filewatcher (0.3.4)
      trollop (~> 2.0)
    formatador (0.2.5)
    fspath (2.1.0)
    guard (2.6.1)
      formatador (>= 0.2.4)
      listen (~> 2.7)
      lumberjack (~> 1.0)
      pry (>= 0.9.12)
      thor (>= 0.18.1)
    guard-sass (1.4.0)
      guard (>= 1.1.0)
      sass (>= 3.1)
    guard-shell (0.6.1)
      guard (>= 1.1.0)
    guard-sprockets (1.1.0)
      execjs (~> 2.0)
      guard (~> 2.0)
      sprockets (~> 2.0)
    hike (1.2.3)
    httparty (0.13.1)
      json (~> 1.8)
      multi_xml (>= 0.5.2)
    image_optim (0.13.3)
      exifr (~> 1.1.3)
      fspath (~> 2.1.0)
      image_size (~> 1.3.0)
      in_threads (~> 1.2.0)
      progress (~> 3.0.0)
    image_size (1.3.0)
    in_threads (1.2.1)
    json (1.8.1)
    launchy (2.4.2)
      addressable (~> 2.3)
    listen (2.7.8)
      celluloid (>= 0.15.2)
      rb-fsevent (>= 0.9.3)
      rb-inotify (>= 0.9)
    lumberjack (1.0.6)
    method_source (0.8.2)
    multi_json (1.10.1)
    multi_xml (0.5.5)
    progress (3.0.0)
    pry (0.10.0)
      coderay (~> 1.1.0)
      method_source (~> 0.8.1)
      slop (~> 3.4)
    rack (1.5.2)
    rb-fsevent (0.9.4)
    rb-inotify (0.9.5)
      ffi (>= 0.5.0)
    sass (3.3.8)
    shopify_theme (0.0.18)
      filewatcher
      httparty (~> 0.13.0)
      json (~> 1.8.0)
      launchy
      thor (>= 0.14.4)
    slop (3.5.0)
    sprockets (2.12.1)
      hike (~> 1.2)
      multi_json (~> 1.0)
      rack (~> 1.0)
      tilt (~> 1.1, != 1.3.0)
    thor (0.19.1)
    tilt (1.4.1)
    timers (1.1.0)
    trollop (2.0)
    uglifier (2.5.1)
      execjs (>= 0.3.0)
      json (>= 1.8.0)
    zurb-foundation-5 (5.2.2)
      sass (>= 3.2.0)

PLATFORMS
  ruby

DEPENDENCIES
  bourbon
  guard
  guard-sass
  guard-shell
  guard-sprockets
  image_optim
  sass
  shopify_theme
  uglifier
  zurb-foundation-5
